GEM
  remote: https://rubygems.org/
  specs:
    allure-rspec (2.14.1)
      allure-ruby-commons (= 2.14.1)
      rspec-core (>= 3.8, < 4)
    allure-ruby-commons (2.14.1)
      mime-types (>= 3.3, < 4)
      oj (>= 3.10, < 4)
      require_all (>= 2, < 4)
      uuid (>= 2.3, < 3)
    archive-zip (0.12.0)
      io-like (~> 0.3.0)
    childprocess (3.0.0)
    chromedriver-helper (2.1.1)
      archive-zip (~> 0.10)
      nokogiri (~> 1.8)
    diff-lcs (1.4.4)
    dotenv (2.7.6)
    io-like (0.3.1)
    macaddr (1.7.2)
      systemu (~> 2.6.5)
    mime-types (3.3.1)
      mime-types-data (~> 3.2015)
    mime-types-data (3.2021.0225)
    nokogiri (1.11.7-x86_64-linux)
      racc (~> 1.4)
    oj (3.11.6)
    racc (1.5.2)
    regexp_parser (2.1.1)
    require_all (3.0.0)
    rspec (3.10.0)
      rspec-core (~> 3.10.0)
      rspec-expectations (~> 3.10.0)
      rspec-mocks (~> 3.10.0)
    rspec-core (3.10.1)
      rspec-support (~> 3.10.0)
    rspec-expectations (3.10.1)
      diff-lcs (>= 1.2.0, < 2.0)
      rspec-support (~> 3.10.0)
    rspec-mocks (3.10.2)
      diff-lcs (>= 1.2.0, < 2.0)
      rspec-support (~> 3.10.0)
    rspec-retry (0.6.2)
      rspec-core (> 3.3)
    rspec-support (3.10.2)
    rubyzip (2.3.0)
    selenium-webdriver (3.142.7)
      childprocess (>= 0.5, < 4.0)
      rubyzip (>= 1.2.2)
    systemu (2.6.5)
    uuid (2.3.9)
      macaddr (~> 1.0)
    watir (6.19.1)
      regexp_parser (>= 1.2, < 3)
      selenium-webdriver (>= 3.142.7)

PLATFORMS
  x86_64-linux

DEPENDENCIES
  allure-rspec
  chromedriver-helper
  dotenv
  rspec
  rspec-retry
  selenium-webdriver
  watir

BUNDLED WITH
   2.2.8
